GEM
  remote: http://rubygems.org/
  specs:
    carol (0.1.0)
      rack (~> 1.6)
    rack (1.6.10)

PLATFORMS
  ruby

DEPENDENCIES
  carol

BUNDLED WITH
   1.16.1
