PATH
  remote: ../carol
  specs:
    carol (0.2.0)
      erubis (~> 2.7)
      multi_json (~> 1.11, >= 1.11.2)
      rack (~> 2.0, >= 2.0.5)
      rack-test (~> 0.6.3)

GEM
  remote: http://rubygems.org/
  specs:
    erubis (2.7.0)
    ffi (1.9.23)
    listen (3.1.5)
      rb-fsevent (~> 0.9, >= 0.9.4)
      rb-inotify (~> 0.9, >= 0.9.7)
      ruby_dep (~> 1.2)
    multi_json (1.13.1)
    rack (2.0.5)
    rack-test (0.6.3)
      rack (>= 1.0)
    rb-fsevent (0.10.3)
    rb-inotify (0.9.10)
      ffi (>= 0.5.0, < 2)
    rerun (0.13.0)
      listen (~> 3.0)
    ruby_dep (1.5.0)

PLATFORMS
  ruby

DEPENDENCIES
  carol!
  multi_json
  rerun

BUNDLED WITH
   1.16.1
